GIT
  remote: https://github.com/dylanratcliffe/onceover-octocatalog-diff.git
  revision: 49c81da8fa39ba5d21f1a39e3c1bed644123a564
  specs:
    onceover-octocatalog-diff (0.1.7)
      octocatalog-diff (~> 1.0)
      onceover (>= 3.2.0)

GIT
  remote: https://github.com/dylanratcliffe/onceover.git
  revision: 9b99895613cf2b0b0c5c28a90021bf9c197b93f7
  specs:
    onceover (3.2.0)
      colored (~> 1.2)
      cri (>= 2.6)
      deep_merge (>= 1.0.0)
      git
      json (>= 1.8.2)
      logging (>= 2.0.0)
      parallel_tests (>= 2.0.0)
      puppet (>= 3.4.0)
      puppetlabs_spec_helper (>= 0.4.0)
      r10k (>= 2.1.0)
      rake (>= 10.0.0)
      rspec (>= 3.0.0)
      rspec-puppet (>= 2.4.0)
      rspec-puppet-utils (>= 2.0.0)
      rspec_junit_formatter (>= 0.2.0)
      table_print (>= 1.0.0)
      versionomy (>= 0.5.0)

GEM
  remote: https://rubygems.org/
  specs:
    CFPropertyList (2.2.8)
    blockenspiel (0.5.0)
    builder (3.2.3)
    byebug (9.0.6)
    coderay (1.1.1)
    colored (1.2)
    cri (2.6.1)
      colored (~> 1.2)
    deep_merge (1.1.1)
    diff-lcs (1.3)
    diffy (3.2.0)
    facter (2.4.6)
    facter (2.4.6-universal-darwin)
      CFPropertyList (~> 2.2.6)
    faraday (0.9.2)
      multipart-post (>= 1.2, < 3)
    faraday_middleware (0.10.1)
      faraday (>= 0.7.4, < 1.0)
    fast_gettext (1.1.0)
    gettext (3.2.2)
      locale (>= 2.0.5)
      text (>= 1.3.0)
    gettext-setup (0.24)
      fast_gettext (~> 1.1.0)
      gettext (>= 3.0.2)
      locale
    git (1.3.0)
    hashdiff (0.3.2)
    hiera (3.3.1)
    httparty (0.14.0)
      multi_xml (>= 0.5.2)
    json (2.1.0)
    json_pure (1.8.6)
    little-plugger (1.1.4)
    locale (2.1.2)
    log4r (1.1.10)
    logging (2.2.2)
      little-plugger (~> 1.1)
      multi_json (~> 1.10)
    metaclass (0.0.4)
    method_source (0.8.2)
    minitar (0.5.4)
    mocha (1.2.1)
      metaclass (~> 0.0.1)
    multi_json (1.12.1)
    multi_xml (0.6.0)
    multipart-post (2.0.0)
    octocatalog-diff (1.0.4)
      diffy (>= 3.1.0)
      hashdiff (>= 0.3.0)
      httparty (>= 0.11.0)
      parallel (>= 1.9.0)
      rugged (>= 0.25.0b2)
    parallel (1.11.1)
    parallel_tests (2.14.1)
      parallel
    pry (0.10.4)
      coderay (~> 1.1.0)
      method_source (~> 0.8.1)
      slop (~> 3.4)
    pry-byebug (3.4.2)
      byebug (~> 9.0)
      pry (~> 0.10)
    puppet (4.10.0)
      facter (> 2.0, < 4)
      gettext-setup (>= 0.10, < 1)
      hiera (>= 2.0, < 4)
      json_pure (~> 1.8)
      locale (~> 2.1)
    puppet (4.10.0-universal-darwin)
      CFPropertyList (~> 2.2.6)
      facter (> 2.0, < 4)
      gettext-setup (>= 0.10, < 1)
      hiera (>= 2.0, < 4)
      json_pure (~> 1.8)
      locale (~> 2.1)
    puppet-lint (2.2.1)
    puppet-syntax (2.4.0)
      rake
    puppet_forge (2.2.4)
      faraday (~> 0.9.0)
      faraday_middleware (>= 0.9.0, < 0.11.0)
      gettext-setup (~> 0.11)
      minitar
      semantic_puppet (~> 0.1.0)
    puppetlabs_spec_helper (2.1.2)
      mocha (~> 1.0)
      puppet-lint (~> 2.0)
      puppet-syntax (~> 2.0)
      rspec-puppet (~> 2.0)
    r10k (2.5.4)
      colored (= 1.2)
      cri (~> 2.6.1)
      gettext-setup (~> 0.5)
      log4r (= 1.1.10)
      minitar (= 0.5.4)
      multi_json (~> 1.10)
      puppet_forge (~> 2.2)
      semantic_puppet (~> 0.1.0)
    rake (12.0.0)
    rspec (3.5.0)
      rspec-core (~> 3.5.0)
      rspec-expectations (~> 3.5.0)
      rspec-mocks (~> 3.5.0)
    rspec-core (3.5.4)
      rspec-support (~> 3.5.0)
    rspec-expectations (3.5.0)
      diff-lcs (>= 1.2.0, < 2.0)
      rspec-support (~> 3.5.0)
    rspec-mocks (3.5.0)
      diff-lcs (>= 1.2.0, < 2.0)
      rspec-support (~> 3.5.0)
    rspec-puppet (2.5.0)
      rspec
    rspec-puppet-utils (3.3.0)
      mocha
      puppet
      puppetlabs_spec_helper
      rspec
      rspec-puppet
    rspec-support (3.5.0)
    rspec_junit_formatter (0.2.3)
      builder (< 4)
      rspec-core (>= 2, < 4, != 2.12.0)
    rugged (0.26.0b5)
    semantic_puppet (0.1.4)
      gettext-setup (>= 0.3)
    slop (3.6.0)
    table_print (1.5.6)
    text (1.3.1)
    versionomy (0.5.0)
      blockenspiel (~> 0.5)

PLATFORMS
  ruby
  x86_64-darwin-15

DEPENDENCIES
  onceover!
  onceover-octocatalog-diff!
  pry
  pry-byebug

BUNDLED WITH
   1.14.6
